PATH
  remote: .
  specs:
    wechat-jsapi (0.1)
      wechat-core (~> 0.3)

GEM
  remote: https://rubygems.org/
  specs:
    diff-lcs (1.2.5)
    httpclient (2.8.0)
    rake (10.5.0)
    rspec (3.4.0)
      rspec-core (~> 3.4.0)
      rspec-expectations (~> 3.4.0)
      rspec-mocks (~> 3.4.0)
    rspec-core (3.4.4)
      rspec-support (~> 3.4.0)
    rspec-expectations (3.4.0)
      diff-lcs (>= 1.2.0, < 2.0)
      rspec-support (~> 3.4.0)
    rspec-mocks (3.4.1)
      diff-lcs (>= 1.2.0, < 2.0)
      rspec-support (~> 3.4.0)
    rspec-support (3.4.1)
    wechat-core (0.3)
      httpclient (~> 2.7)

PLATFORMS
  ruby

DEPENDENCIES
  bundler (~> 1.11)
  rake (~> 10.0)
  rspec (~> 3.0)
  wechat-jsapi!

BUNDLED WITH
   1.11.2
