PATH
  remote: .
  specs:
    wechat-jsapi (0.1.2)
      wechat-core (~> 0.4)

GEM
  remote: https://rubygems.org/
  specs:
    diff-lcs (1.3)
    httpclient (2.8.3)
    rake (10.5.0)
    rspec (3.5.0)
      rspec-core (~> 3.5.0)
      rspec-expectations (~> 3.5.0)
      rspec-mocks (~> 3.5.0)
    rspec-core (3.5.4)
      rspec-support (~> 3.5.0)
    rspec-expectations (3.5.0)
      diff-lcs (>= 1.2.0, < 2.0)
      rspec-support (~> 3.5.0)
    rspec-mocks (3.5.0)
      diff-lcs (>= 1.2.0, < 2.0)
      rspec-support (~> 3.5.0)
    rspec-support (3.5.0)
    wechat-core (0.4)
      httpclient (>= 2.8)

PLATFORMS
  ruby

DEPENDENCIES
  bundler (~> 1.11)
  rake (~> 10.0)
  rspec (~> 3.0)
  wechat-jsapi!

BUNDLED WITH
   1.13.6
